GEM
  remote: http://rubygems.org/
  specs:
    chunky_png (1.2.5)
    coffee-script (2.2.0)
      coffee-script-source
      execjs
    coffee-script-source (1.3.1)
    compass (0.12.1)
      chunky_png (~> 1.2)
      fssm (>= 0.2.7)
      sass (~> 3.1)
    dalli (1.1.5)
    execjs (1.3.0)
      multi_json (~> 1.0)
    fssm (0.2.9)
    haml (5.0.0)
      temple (>= 0.8.0)
      tilt
    json (1.6.5)
    multi_json (1.1.0)
    rack (1.2.1)
    rmagick (2.12.0)
    sass (3.1.19)
    sinatra (1.2.6)
      rack (~> 1.1)
      tilt (>= 1.2.2, < 2.0)
    temple (0.8.2)
    tilt (1.2.2)

PLATFORMS
  ruby

DEPENDENCIES
  coffee-script
  compass
  dalli
  haml (~> 5.0)
  json
  rmagick
  sass
  sinatra
